GEM
  remote: https://rubygems.org/
  specs:
    connection_pool (2.4.1)
    rack (2.2.8)
    redis (4.8.1)
    sidekiq (6.5.12)
      connection_pool (>= 2.2.5, < 3)
      rack (~> 2.0)
      redis (>= 4.5.0, < 5)

PLATFORMS
  ruby

DEPENDENCIES
  sidekiq (~> 6.4, >= 6.4.1)

BUNDLED WITH
   2.1.4
